GEM
  remote: https://rubygems.org/
  specs:
    domain_name (0.5.20160310)
      unf (>= 0.0.5, < 1.0.0)
    http-cookie (1.0.2)
      domain_name (~> 0.5)
    mime-types (2.99.1)
    minitest (5.8.4)
    netrc (0.11.0)
    rest-client (1.8.0)
      http-cookie (>= 1.0.2, < 2.0)
      mime-types (>= 1.16, < 3.0)
      netrc (~> 0.7)
    ruby-progressbar (1.8.0)
    unf (0.1.4)
      unf_ext
    unf_ext (0.0.7.2)

PLATFORMS
  ruby

DEPENDENCIES
  minitest
  rest-client
  ruby-progressbar

BUNDLED WITH
   1.11.0
